GEM
  remote: https://www.rubygems.org/
  specs:
    ast (2.0.0)
    astrolabe (1.3.0)
      parser (>= 2.2.0.pre.3, < 3.0)
    diff-lcs (1.2.5)
    parser (2.2.0.3)
      ast (>= 1.1, < 3.0)
    powerpack (0.1.0)
    rack (1.6.0)
    rack-protection (1.5.3)
      rack
    rainbow (2.0.0)
    rspec (3.2.0)
      rspec-core (~> 3.2.0)
      rspec-expectations (~> 3.2.0)
      rspec-mocks (~> 3.2.0)
    rspec-core (3.2.3)
      rspec-support (~> 3.2.0)
    rspec-expectations (3.2.1)
      diff-lcs (>= 1.2.0, < 2.0)
      rspec-support (~> 3.2.0)
    rspec-mocks (3.2.1)
      diff-lcs (>= 1.2.0, < 2.0)
      rspec-support (~> 3.2.0)
    rspec-support (3.2.2)
    rubocop (0.30.0)
      astrolabe (~> 1.3)
      parser (>= 2.2.0.1, < 3.0)
      powerpack (~> 0.1)
      rainbow (>= 1.99.1, < 3.0)
      ruby-progressbar (~> 1.4)
    rubocop-rspec (1.2.2)
    ruby-progressbar (1.7.5)
    sinatra (1.4.6)
      rack (~> 1.4)
      rack-protection (~> 1.4)
      tilt (>= 1.3, < 3)
    tilt (2.0.1)

PLATFORMS
  ruby

DEPENDENCIES
  rspec
  rubocop
  rubocop-rspec
  sinatra
